GEM
  remote: https://rubygems.org/
  specs:
    bson (1.8.2)
    mongo (1.8.2)
      bson (~> 1.8.2)
    rack (1.4.4)
    rack-protection (1.3.2)
      rack
    sinatra (1.3.3)
      rack (~> 1.3, >= 1.3.6)
      rack-protection (~> 1.2)
      tilt (~> 1.3, >= 1.3.3)
    tilt (1.3.3)

PLATFORMS
  ruby

DEPENDENCIES
  mongo
  sinatra
